GEM
  remote: https://rubygems.org/
  specs:
    google-protobuf (3.23.4-arm64-darwin)

PLATFORMS
  arm64-darwin-21

DEPENDENCIES
  google-protobuf

BUNDLED WITH
   2.4.10
